GEM
  remote: https://rubygems.org/
  specs:
    actionpack (4.2.7)
      actionview (= 4.2.7)
      activesupport (= 4.2.7)
      rack (~> 1.6)
      rack-test (~> 0.6.2)
      rails-dom-testing (~> 1.0, >= 1.0.5)
      rails-html-sanitizer (~> 1.0, >= 1.0.2)
    actionview (4.2.7)
      activesupport (= 4.2.7)
      builder (~> 3.1)
      erubis (~> 2.7.0)
      rails-dom-testing (~> 1.0, >= 1.0.5)
      rails-html-sanitizer (~> 1.0, >= 1.0.2)
    activesupport (4.2.7)
      i18n (~> 0.7)
      json (~> 1.7, >= 1.7.7)
      minitest (~> 5.1)
      thread_safe (~> 0.3, >= 0.3.4)
      tzinfo (~> 1.1)
    addressable (2.4.0)
    ast (2.3.0)
    backports (3.6.8)
    better_errors (2.1.1)
      coderay (>= 1.0.0)
      erubis (>= 2.6.6)
      rack (>= 0.9.0)
    builder (3.2.2)
    byebug (9.0.5)
    capybara (2.7.1)
      addressable
      mime-types (>= 1.16)
      nokogiri (>= 1.3.3)
      rack (>= 1.0.0)
      rack-test (>= 0.5.4)
      xpath (~> 2.0)
    capybara-webkit (1.11.1)
      capybara (>= 2.3.0, < 2.8.0)
      json
    coderay (1.1.1)
    coveralls (0.8.15)
      json (>= 1.8, < 3)
      simplecov (~> 0.12.0)
      term-ansicolor (~> 1.3)
      thor (~> 0.19.1)
      tins (>= 1.6.0, < 2)
    diff-lcs (1.2.5)
    docile (1.1.5)
    domain_name (0.5.20160615)
      unf (>= 0.0.5, < 1.0.0)
    erubis (2.7.0)
    factory_girl (4.7.0)
      activesupport (>= 3.0.0)
    git (1.3.0)
    http-cookie (1.0.2)
      domain_name (~> 0.5)
    i18n (0.7.0)
    json (1.8.3)
    loofah (2.0.3)
      nokogiri (>= 1.5.9)
    mechanize (2.7.4)
      domain_name (~> 0.5, >= 0.5.1)
      http-cookie (~> 1.0)
      mime-types (>= 1.17.2, < 3)
      net-http-digest_auth (~> 1.1, >= 1.1.1)
      net-http-persistent (~> 2.5, >= 2.5.2)
      nokogiri (~> 1.6)
      ntlm-http (~> 0.1, >= 0.1.1)
      webrobots (>= 0.0.9, < 0.2)
    mime-types (2.99.2)
    mini_portile2 (2.1.0)
    minitest (5.9.0)
    multi_json (1.12.1)
    net-http-digest_auth (1.4)
    net-http-persistent (2.9.4)
    netrc (0.11.0)
    nokogiri (1.6.8)
      mini_portile2 (~> 2.1.0)
      pkg-config (~> 1.1.7)
    ntlm-http (0.1.1)
    parser (2.3.1.2)
      ast (~> 2.2)
    pkg-config (1.1.7)
    powerpack (0.1.1)
    puma (3.6.0)
    rack (1.6.4)
    rack-google-analytics (1.2.0)
      actionpack
      activesupport
    rack-protection (1.5.3)
      rack
    rack-test (0.6.3)
      rack (>= 1.0)
    rack-timeout (0.4.2)
    rails-deprecated_sanitizer (1.0.3)
      activesupport (>= 4.2.0.alpha)
    rails-dom-testing (1.0.7)
      activesupport (>= 4.2.0.beta, < 5.0)
      nokogiri (~> 1.6.0)
      rails-deprecated_sanitizer (>= 1.0.1)
    rails-html-sanitizer (1.0.3)
      loofah (~> 2.0)
    rainbow (2.1.0)
    rake (11.2.2)
    rest-client (2.0.0)
      http-cookie (>= 1.0.2, < 2.0)
      mime-types (>= 1.16, < 4.0)
      netrc (~> 0.8)
    rspec (3.5.0)
      rspec-core (~> 3.5.0)
      rspec-expectations (~> 3.5.0)
      rspec-mocks (~> 3.5.0)
    rspec-core (3.5.2)
      rspec-support (~> 3.5.0)
    rspec-expectations (3.5.0)
      diff-lcs (>= 1.2.0, < 2.0)
      rspec-support (~> 3.5.0)
    rspec-mocks (3.5.0)
      diff-lcs (>= 1.2.0, < 2.0)
      rspec-support (~> 3.5.0)
    rspec-support (3.5.0)
    rubocop (0.42.0)
      parser (>= 2.3.1.1, < 3.0)
      powerpack (~> 0.1)
      rainbow (>= 1.99.1, < 3.0)
      ruby-progressbar (~> 1.7)
      unicode-display_width (~> 1.0, >= 1.0.1)
    ruby-progressbar (1.8.1)
    sass (3.4.22)
    shotgun (0.9.1)
      rack (>= 1.0)
    simplecov (0.12.0)
      docile (~> 1.1.0)
      json (>= 1.8, < 3)
      simplecov-html (~> 0.10.0)
    simplecov-html (0.10.0)
    sinatra (1.4.7)
      rack (~> 1.5)
      rack-protection (~> 1.4)
      tilt (>= 1.3, < 3)
    sinatra-contrib (1.4.7)
      backports (>= 2.0)
      multi_json
      rack-protection
      rack-test
      sinatra (~> 1.4.0)
      tilt (>= 1.3, < 3)
    sinatra-flash (0.3.0)
      sinatra (>= 1.0.0)
    sinatra-redirect-with-flash (0.2.1)
      sinatra (>= 1.0.0)
    sinatra-reloader (1.0)
      sinatra-contrib
    slim (3.0.7)
      temple (~> 0.7.6)
      tilt (>= 1.3.3, < 2.1)
    temple (0.7.7)
    term-ansicolor (1.3.2)
      tins (~> 1.0)
    thor (0.19.1)
    thread_safe (0.3.5)
    tilt (2.0.5)
    tins (1.12.0)
    tzinfo (1.2.2)
      thread_safe (~> 0.1)
    unf (0.1.4)
      unf_ext
    unf_ext (0.0.7.2)
    unicode-display_width (1.1.0)
    webrobots (0.1.2)
    xpath (2.0.0)
      nokogiri (~> 1.3)

PLATFORMS
  ruby

DEPENDENCIES
  better_errors (~> 2.1)
  byebug (~> 9.0)
  capybara (~> 2.7)
  capybara-webkit (~> 1.11)
  coveralls (~> 0.8)
  factory_girl (~> 4.7)
  git (~> 1.3)
  mechanize (~> 2.4)
  puma
  rack (~> 1.6)
  rack-google-analytics (~> 1.2)
  rack-test (~> 0.6)
  rack-timeout (~> 0.4)
  rake (~> 11.2)
  rest-client (~> 2.0)
  rspec (~> 3.5)
  rubocop (~> 0.42)
  sass (~> 3.4)
  shotgun (~> 0.9)
  sinatra (~> 1.4)
  sinatra-flash (~> 0.3)
  sinatra-redirect-with-flash (~> 0.2)
  sinatra-reloader (~> 1.0)
  slim (~> 3.0)
  tilt (~> 2.0)

BUNDLED WITH
   1.12.5
